PATH
  remote: .
  specs:
    hyrax-analytics-g4 (0.1.0)
      activesupport
      google-analytics-data

GEM
  remote: https://rubygems.org/
  specs:
    activesupport (7.0.8)
      concurrent-ruby (~> 1.0, >= 1.0.2)
      i18n (>= 1.6, < 2)
      minitest (>= 5.1)
      tzinfo (~> 2.0)
    addressable (2.8.5)
      public_suffix (>= 2.0.2, < 6.0)
    ast (2.4.2)
    base64 (0.1.1)
    bixby (5.0.2)
      rubocop (= 1.28.2)
      rubocop-ast
      rubocop-performance
      rubocop-rails
      rubocop-rspec
    byebug (11.1.3)
    coderay (1.1.3)
    concurrent-ruby (1.2.2)
    faraday (2.7.11)
      base64
      faraday-net_http (>= 2.0, < 3.1)
      ruby2_keywords (>= 0.0.4)
    faraday-net_http (3.0.2)
    faraday-retry (2.2.0)
      faraday (~> 2.0)
    gapic-common (0.20.0)
      faraday (>= 1.9, < 3.a)
      faraday-retry (>= 1.0, < 3.a)
      google-protobuf (~> 3.14)
      googleapis-common-protos (>= 1.3.12, < 2.a)
      googleapis-common-protos-types (>= 1.3.1, < 2.a)
      googleauth (~> 1.0)
      grpc (~> 1.36)
    google-analytics-data (0.4.0)
      google-analytics-data-v1beta (>= 0.7, < 2.a)
      google-cloud-core (~> 1.6)
    google-analytics-data-v1beta (0.9.0)
      gapic-common (>= 0.20.0, < 2.a)
      google-cloud-errors (~> 1.0)
    google-cloud-core (1.6.0)
      google-cloud-env (~> 1.0)
      google-cloud-errors (~> 1.0)
    google-cloud-env (1.6.0)
      faraday (>= 0.17.3, < 3.0)
    google-cloud-errors (1.3.1)
    google-protobuf (3.24.3-arm64-darwin)
    googleapis-common-protos (1.4.0)
      google-protobuf (~> 3.14)
      googleapis-common-protos-types (~> 1.2)
      grpc (~> 1.27)
    googleapis-common-protos-types (1.9.0)
      google-protobuf (~> 3.18)
    googleauth (1.8.1)
      faraday (>= 0.17.3, < 3.a)
      jwt (>= 1.4, < 3.0)
      multi_json (~> 1.11)
      os (>= 0.9, < 2.0)
      signet (>= 0.16, < 2.a)
    grpc (1.58.0)
      google-protobuf (~> 3.23)
      googleapis-common-protos-types (~> 1.0)
    i18n (1.14.1)
      concurrent-ruby (~> 1.0)
    jwt (2.7.1)
    method_source (1.0.0)
    minitest (5.20.0)
    multi_json (1.15.0)
    os (1.1.4)
    parallel (1.23.0)
    parser (3.2.2.3)
      ast (~> 2.4.1)
      racc
    pry (0.14.2)
      coderay (~> 1.1)
      method_source (~> 1.0)
    public_suffix (5.0.3)
    racc (1.7.1)
    rack (3.0.8)
    rainbow (3.1.1)
    rake (13.0.6)
    regexp_parser (2.8.1)
    rexml (3.2.6)
    rubocop (1.28.2)
      parallel (~> 1.10)
      parser (>= 3.1.0.0)
      rainbow (>= 2.2.2, < 4.0)
      regexp_parser (>= 1.8, < 3.0)
      rexml
      rubocop-ast (>= 1.17.0, < 2.0)
      ruby-progressbar (~> 1.7)
      unicode-display_width (>= 1.4.0, < 3.0)
    rubocop-ast (1.29.0)
      parser (>= 3.2.1.0)
    rubocop-performance (1.19.1)
      rubocop (>= 1.7.0, < 2.0)
      rubocop-ast (>= 0.4.0)
    rubocop-rails (2.15.2)
      activesupport (>= 4.2.0)
      rack (>= 1.1)
      rubocop (>= 1.7.0, < 2.0)
    rubocop-rspec (2.11.1)
      rubocop (~> 1.19)
    ruby-progressbar (1.13.0)
    ruby2_keywords (0.0.5)
    signet (0.18.0)
      addressable (~> 2.8)
      faraday (>= 0.17.5, < 3.a)
      jwt (>= 1.5, < 3.0)
      multi_json (~> 1.10)
    tzinfo (2.0.6)
      concurrent-ruby (~> 1.0)
    unicode-display_width (2.4.2)

PLATFORMS
  arm64-darwin-21

DEPENDENCIES
  bixby
  byebug
  hyrax-analytics-g4!
  pry
  rake (~> 13.0)

BUNDLED WITH
   2.4.12
